PATH
  remote: .
  specs:
    rack (1.4.7.18)

GEM
  remote: https://rubygems.org/
  specs:
    bacon (1.2.0)
    daemons (1.0.10)
    eventmachine (1.2.7)
    gem_plugin (0.2.3)
    memcache-client (1.8.5)
    mongrel (1.2.0.pre2)
      daemons (~> 1.0.10)
      gem_plugin (~> 0.2.3)
    rake (10.5.0)
    ruby-fcgi (0.8.9)
    thin (1.7.2)
      daemons (~> 1.0, >= 1.0.9)
      eventmachine (~> 1.0, >= 1.0.4)
      rack (>= 1, < 3)

PLATFORMS
  ruby

DEPENDENCIES
  bacon
  memcache-client
  mongrel (>= 1.2.0.pre2)
  rack!
  rake (< 11.0)
  ruby-fcgi
  thin

BUNDLED WITH
   1.17.3
